GIT
  remote: https://isucon10-public.s3.dualstack.ap-northeast-1.amazonaws.com/git/6MGgQp9lDmsK6G0CNa0DCOWHkOXID9-1davWxzKzI28/grpc_kit.git
  revision: 371fccb1ae4dd4568dc3788155d93078bf95186c
  ref: blocking-recv-buffer
  specs:
    grpc_kit (0.3.9)
      ds9 (>= 1.4.0)
      google-protobuf (>= 3.7.0)
      googleapis-common-protos-types (>= 1.0.2)

GEM
  remote: https://rubygems.org/
  specs:
    backports (3.18.2)
    ds9 (1.4.1)
      mini_portile2 (>= 2.2.0)
    ffi (1.13.1)
    get_process_mem (0.2.7)
      ffi (~> 1.0)
    google-protobuf (3.13.0)
    googleapis-common-protos-types (1.0.5)
      google-protobuf (~> 3.11)
    griffin (0.2.4)
      grpc_kit (>= 0.3.8)
      serverengine (~> 2.0.7)
    griffin-interceptors (0.1.9)
      get_process_mem (~> 0.2.3)
      griffin (>= 0.2.3)
    grpc-tools (1.31.1)
    hkdf (0.3.0)
    jwt (2.2.2)
    mini_portile2 (2.5.0)
    multi_json (1.15.0)
    mustermann (1.1.1)
      ruby2_keywords (~> 0.0.1)
    mysql2 (0.5.3)
    mysql2-cs-bind (0.0.7)
      mysql2
    nio4r (2.5.2)
    puma (4.3.5)
      nio4r (~> 2.0)
    rack (2.2.3)
    rack-protection (2.0.8.1)
      rack
    ruby2_keywords (0.0.2)
    serverengine (2.0.7)
      sigdump (~> 0.2.2)
    sigdump (0.2.4)
    sinatra (2.0.8.1)
      mustermann (~> 1.0)
      rack (~> 2.0)
      rack-protection (= 2.0.8.1)
      tilt (~> 2.0)
    sinatra-contrib (2.0.8.1)
      backports (>= 2.8.2)
      multi_json
      mustermann (~> 1.0)
      rack-protection (= 2.0.8.1)
      sinatra (= 2.0.8.1)
      tilt (~> 2.0)
    tilt (2.0.10)
    webpush (1.0.0)
      hkdf (~> 0.2)
      jwt (~> 2.0)

PLATFORMS
  ruby

DEPENDENCIES
  griffin
  griffin-interceptors
  grpc-tools
  grpc_kit!
  mysql2
  mysql2-cs-bind
  puma
  sinatra
  sinatra-contrib
  webpush

BUNDLED WITH
   2.1.4
